PATH
  remote: .
  specs:
    persistent-cache (2.0.0)
      eh (~> 1.0)
      persistent-cache-storage-api (~> 0.1.4)
      persistent-cache-storage-directory (~> 0.1.2)
      persistent-cache-storage-ram (~> 0.1.2)
      persistent-cache-storage-sqlite (~> 0.1.3)

GEM
  remote: https://rubygems.org/
  specs:
    byebug (11.1.3)
    coveralls (0.8.23)
      json (>= 1.8, < 3)
      simplecov (~> 0.16.1)
      term-ansicolor (~> 1.3)
      thor (>= 0.19.4, < 2.0)
      tins (~> 1.6)
    diff-lcs (1.5.0)
    docile (1.4.0)
    eh (1.0.0)
    json (2.6.2)
    persistent-cache-storage-api (0.1.6)
    persistent-cache-storage-directory (0.1.2)
      persistent-cache-storage-api
    persistent-cache-storage-ram (0.1.3)
      eh
      persistent-cache-storage-api
    persistent-cache-storage-sqlite (0.1.4)
      eh (~> 1.0.0)
      persistent-cache-storage-api (~> 0.1)
      sqlite3 (~> 1.4)
    rake (13.0.6)
    rspec (3.11.0)
      rspec-core (~> 3.11.0)
      rspec-expectations (~> 3.11.0)
      rspec-mocks (~> 3.11.0)
    rspec-core (3.11.0)
      rspec-support (~> 3.11.0)
    rspec-expectations (3.11.0)
      diff-lcs (>= 1.2.0, < 2.0)
      rspec-support (~> 3.11.0)
    rspec-mocks (3.11.1)
      diff-lcs (>= 1.2.0, < 2.0)
      rspec-support (~> 3.11.0)
    rspec-support (3.11.0)
    simplecov (0.16.1)
      docile (~> 1.1)
      json (>= 1.8, < 3)
      simplecov-html (~> 0.10.0)
    simplecov-html (0.10.2)
    sqlite3 (1.4.4)
    sync (0.5.0)
    term-ansicolor (1.7.1)
      tins (~> 1.0)
    thor (1.2.1)
    tins (1.31.1)
      sync

PLATFORMS
  x86_64-darwin-21

DEPENDENCIES
  byebug (~> 11.1)
  coveralls (~> 0.8)
  persistent-cache!
  rake (= 13.0.6)
  rspec

BUNDLED WITH
   2.3.7
