PATH
  remote: .
  specs:
    persistent-cache (1.1.1)
      eh (~> 1.0)
      persistent-cache-storage-api (~> 0.1.4)
      persistent-cache-storage-directory (~> 0.1.2)
      persistent-cache-storage-ram (~> 0.1.2)
      persistent-cache-storage-sqlite (~> 0.1.3)

GEM
  remote: https://rubygems.org/
  specs:
    byebug (9.0.6)
    diff-lcs (1.3)
    docile (1.4.0)
    eh (1.0.0)
    persistent-cache-storage-api (0.1.5)
    persistent-cache-storage-directory (0.1.2)
      persistent-cache-storage-api
    persistent-cache-storage-ram (0.1.2)
      eh
      persistent-cache-storage-api
    persistent-cache-storage-sqlite (0.1.3)
      eh (~> 1.0.0)
      persistent-cache-storage-api (~> 0.1)
      sqlite3 (~> 1.4)
    rake (12.3.2)
    rspec (3.8.0)
      rspec-core (~> 3.8.0)
      rspec-expectations (~> 3.8.0)
      rspec-mocks (~> 3.8.0)
    rspec-core (3.8.2)
      rspec-support (~> 3.8.0)
    rspec-expectations (3.8.4)
      diff-lcs (>= 1.2.0, < 2.0)
      rspec-support (~> 3.8.0)
    rspec-mocks (3.8.1)
      diff-lcs (>= 1.2.0, < 2.0)
      rspec-support (~> 3.8.0)
    rspec-support (3.8.2)
    simplecov (0.22.0)
      docile (~> 1.1)
      simplecov-html (~> 0.11)
      simplecov_json_formatter (~> 0.1)
    simplecov-html (0.12.3)
    simplecov-lcov (0.8.0)
    simplecov_json_formatter (0.1.4)
    sqlite3 (1.4.1)

PLATFORMS
  ruby

DEPENDENCIES
  byebug (~> 9.0)
  persistent-cache!
  rake (~> 12.3)
  rspec
  simplecov (~> 0.22)
  simplecov-lcov (~> 0.8)

BUNDLED WITH
   1.16.6
